GEM
  remote: https://rubygems.org/
  specs:
    coffee-script (2.4.1)
      coffee-script-source
      execjs
    coffee-script-source (1.12.2)
    concurrent-ruby (1.1.5)
    execjs (2.7.0)
    json (2.3.0)
    paint (2.1.1)
    rack (2.2.2)
    rake (13.0.0)
    sprockets (3.7.2)
      concurrent-ruby (~> 1.0)
      rack (> 1, < 3)
    uglifier (4.2.0)
      execjs (>= 0.3.0, < 3)

PLATFORMS
  ruby

DEPENDENCIES
  coffee-script
  json
  paint
  rake
  sprockets
  uglifier

BUNDLED WITH
   1.17.3
